GIT
  remote: https://github.com/dwhenry/ralyxa.git
  revision: 9b5fa813b47c8fbbfc6d54d7aed194e47267abf6
  branch: add-dialog_handling
  specs:
    ralyxa (1.6.0)
      alexa_verifier (~> 1.0)

GEM
  remote: https://rubygems.org/
  specs:
    alexa_verifier (1.0.0)
    byebug (9.1.0)
    coderay (1.1.2)
    method_source (0.9.0)
    mustermann (1.0.1)
    pry (0.11.3)
      coderay (~> 1.1.0)
      method_source (~> 0.9.0)
    pry-byebug (3.5.1)
      byebug (~> 9.1)
      pry (~> 0.10)
    rack (2.0.3)
    rack-protection (2.0.0)
      rack
    sinatra (2.0.0)
      mustermann (~> 1.0)
      rack (~> 2.0)
      rack-protection (= 2.0.0)
      tilt (~> 2.0)
    tilt (2.0.8)

PLATFORMS
  ruby

DEPENDENCIES
  pry-byebug
  ralyxa!
  sinatra

RUBY VERSION
   ruby 2.3.3p222

BUNDLED WITH
   1.16.1
